GEM
  remote: https://rubygems.org/
  specs:
    csv (3.2.7)
    diff-lcs (1.5.0)
    dotenv (2.8.1)
    httparty (0.21.0)
      mini_mime (>= 1.0.0)
      multi_xml (>= 0.5.2)
    json (2.3.0)
    mini_mime (1.1.5)
    multi_xml (0.6.0)
    optparse (0.3.1)
    rspec (3.12.0)
      rspec-core (~> 3.12.0)
      rspec-expectations (~> 3.12.0)
      rspec-mocks (~> 3.12.0)
    rspec-core (3.12.2)
      rspec-support (~> 3.12.0)
    rspec-expectations (3.12.3)
      diff-lcs (>= 1.2.0, < 2.0)
      rspec-support (~> 3.12.0)
    rspec-mocks (3.12.6)
      diff-lcs (>= 1.2.0, < 2.0)
      rspec-support (~> 3.12.0)
    rspec-support (3.12.1)

PLATFORMS
  ruby

DEPENDENCIES
  csv (~> 3.2, >= 3.2.7)
  dotenv (~> 2.8, >= 2.8.1)
  httparty (~> 0.21.0)
  json (~> 2.3.0)
  optparse (~> 0.3.1)
  rspec (~> 3.12)

RUBY VERSION
   ruby 2.6.10p210

BUNDLED WITH
   1.17.2
