GEM
  remote: https://rubygems.org/
  specs:
    csv (3.2.7)
    httparty (0.21.0)
      mini_mime (>= 1.0.0)
      multi_xml (>= 0.5.2)
    json (2.1.0)
    mini_mime (1.1.5)
    multi_xml (0.6.0)
    optparse (0.3.1)

PLATFORMS
  arm64-darwin-21

DEPENDENCIES
  csv (~> 3.2, >= 3.2.7)
  httparty (~> 0.21.0)
  json (~> 2.1.0)
  optparse (~> 0.3.1)

RUBY VERSION
   ruby 2.6.10p210

BUNDLED WITH
   2.4.19
